GEM
  remote: http://rubygems.org/
  specs:
    extlib (0.9.16)
    magma-dev-ucsf-immunoprofiler (0.1)
      sequel
    pg (0.18.1)
    rack (1.6.0)
    rack-protection (1.5.3)
      rack
    sequel (4.20.0)
    sinatra (1.4.5)
      rack (~> 1.4)
      rack-protection (~> 1.4)
      tilt (~> 1.3, >= 1.3.4)
    tilt (1.4.1)

PLATFORMS
  ruby

DEPENDENCIES
  extlib
  magma-dev-ucsf-immunoprofiler
  pg
  sinatra
