GEM
  remote: http://rubygems.org/
  specs:
    extlib (0.9.16)
    magma-dev-ucsf-immunoprofiler (0.3)
      extlib
      sequel
    pg (0.18.1)
    rack (1.6.1)
    rack-protection (1.5.3)
      rack
    sequel (4.20.0)
    sinatra (1.4.6)
      rack (~> 1.4)
      rack-protection (~> 1.4)
      tilt (>= 1.3, < 3)
    tilt (2.0.1)

PLATFORMS
  ruby

DEPENDENCIES
  magma-dev-ucsf-immunoprofiler
  pg
  sinatra
